NUGET
  remote: https://nuget.org/api/v2
  specs:
    FAKE (4.3.4)
    FsUnit (1.3.1)
      NUnit (2.6.4)
    NUnit (2.6.4)
    NUnit.Runners (2.6.4)
